GEM
  remote: http://rubygems.org/
  specs:
    awesome_print (0.3.2)
    backports (2.0.3)
    bond (0.4.0)
    diff-lcs (1.1.2)
    haml (3.0.25)
    hirb (0.4.3)
    monkey-lib (0.5.4)
      backports
    rack (1.2.2)
    redis (2.2.0)
    redis-objects (0.5.0)
      redis (>= 2.1.1)
    rspec (2.5.0)
      rspec-core (~> 2.5.0)
      rspec-expectations (~> 2.5.0)
      rspec-mocks (~> 2.5.0)
    rspec-core (2.5.1)
    rspec-expectations (2.5.0)
      diff-lcs (~> 1.1.2)
    rspec-mocks (2.5.0)
    sinatra (1.2.1)
      rack (~> 1.1)
      tilt (>= 1.2.2, < 2.0)
    sinatra-advanced-routes (0.5.1)
      monkey-lib (~> 0.5.0)
      sinatra (~> 1.0)
      sinatra-sugar (~> 0.5.0)
    sinatra-reloader (0.5.0)
      sinatra (~> 1.0)
      sinatra-advanced-routes (~> 0.5.0)
    sinatra-sugar (0.5.0)
      monkey-lib (~> 0.5.0)
      sinatra (~> 1.0)
    sketches (0.1.1)
    tilt (1.2.2)
    wirble (0.1.3)

PLATFORMS
  x86-mingw32

DEPENDENCIES
  awesome_print
  bond
  haml
  hirb
  redis
  redis-objects
  rspec
  sinatra
  sinatra-reloader
  sketches
  wirble
